PATH
  remote: .
  specs:
    xdata (0.1)
      charlock_holmes (~> 0.6)
      curses (~> 1.0)
      dbf (~> 2.0)
      georuby (~> 2.0)
      i18n (~> 0.7)
      rgeo (~> 0.5)

GEM
  remote: https://rubygems.org/
  specs:
    charlock_holmes (0.7.3)
    curses (1.0.2)
    dbf (2.0.13)
      fastercsv (~> 1.5)
    faraday (0.9.2)
      multipart-post (>= 1.2, < 3)
    faraday_middleware (0.10.0)
      faraday (>= 0.7.4, < 0.10)
    fastercsv (1.5.5)
    feedjira (2.0.0)
      faraday (~> 0.9)
      faraday_middleware (~> 0.9)
      loofah (~> 2.0)
      sax-machine (~> 1.0)
    georuby (2.5.2)
    i18n (0.7.0)
    loofah (2.0.3)
      nokogiri (>= 1.5.9)
    mini_portile2 (2.1.0)
    multipart-post (2.0.0)
    nokogiri (1.6.8)
      mini_portile2 (~> 2.1.0)
      pkg-config (~> 1.1.7)
    pkg-config (1.1.7)
    rgeo (0.5.3)
    sax-machine (1.3.2)

PLATFORMS
  ruby

DEPENDENCIES
  charlock_holmes
  feedjira
  georuby
  rgeo
  xdata!

BUNDLED WITH
   1.11.2
